GEM
  remote: https://rubygems.org/
  specs:
    addressable (2.7.0)
      public_suffix (>= 2.0.2, < 5.0)
    charlock_holmes (0.7.7)
    cmdparse (3.0.7)
    colorator (1.1.0)
    concurrent-ruby (1.1.8)
    distorted (0.7.0)
      charlock_holmes (~> 0.7)
      gstreamer (~> 3.4)
      hexapdf (~> 0.13)
      mime-types (~> 3.3)
      ruby-filemagic (~> 0.7)
      ruby-vips (~> 2.0)
      svg_optimizer (~> 0.2.5)
      ttfunk (~> 1.6)
    distorted-jekyll (0.7.0)
      distorted (~> 0.7.0)
      kramdown (~> 2.0)
      liquid (~> 4.0)
      liquid-tag-parser (~> 2.0)
    em-websocket (0.5.2)
      eventmachine (>= 0.12.9)
      http_parser.rb (~> 0.6.0)
    eventmachine (1.2.7)
    extras (0.3.0)
      forwardable-extended (~> 2.5)
    ffi (1.14.2)
    forwardable-extended (2.6.0)
    geom2d (0.3.1)
    glib2 (3.4.3)
      native-package-installer (>= 1.0.3)
      pkg-config (>= 1.3.5)
    gobject-introspection (3.4.3)
      glib2 (= 3.4.3)
    gstreamer (3.4.3)
      gobject-introspection (= 3.4.3)
    hexapdf (0.14.4)
      cmdparse (~> 3.0, >= 3.0.3)
      geom2d (~> 0.3)
    http_parser.rb (0.6.0)
    i18n (1.8.9)
      concurrent-ruby (~> 1.0)
    jekyll (4.2.0)
      addressable (~> 2.4)
      colorator (~> 1.0)
      em-websocket (~> 0.5)
      i18n (~> 1.0)
      jekyll-sass-converter (~> 2.0)
      jekyll-watch (~> 2.0)
      kramdown (~> 2.3)
      kramdown-parser-gfm (~> 1.0)
      liquid (~> 4.0)
      mercenary (~> 0.4.0)
      pathutil (~> 0.9)
      rouge (~> 3.0)
      safe_yaml (~> 1.0)
      terminal-table (~> 2.0)
    jekyll-responsive-image (1.6.0)
      jekyll (>= 2.0, < 5.0)
      rmagick (>= 2.0, < 5.0)
    jekyll-sass-converter (2.1.0)
      sassc (> 2.0.1, < 3.0)
    jekyll-watch (2.2.1)
      listen (~> 3.0)
    kramdown (2.3.0)
      rexml
    kramdown-parser-gfm (1.1.0)
      kramdown (~> 2.0)
    liquid (4.0.3)
    liquid-tag-parser (2.0.2)
      extras (~> 0.3)
      liquid (>= 3.0, < 5.0)
    listen (3.4.1)
      rb-fsevent (~> 0.10, >= 0.10.3)
      rb-inotify (~> 0.9, >= 0.9.10)
    mercenary (0.4.0)
    mime-types (3.3.1)
      mime-types-data (~> 3.2015)
    mime-types-data (3.2021.0225)
    mini_portile2 (2.5.0)
    native-package-installer (1.1.1)
    nokogiri (1.11.1)
      mini_portile2 (~> 2.5.0)
      racc (~> 1.4)
    nokogiri (1.11.1-x86_64-linux)
      racc (~> 1.4)
    pathutil (0.16.2)
      forwardable-extended (~> 2.6)
    pkg-config (1.4.5)
    public_suffix (4.0.6)
    racc (1.5.2)
    rb-fsevent (0.10.4)
    rb-inotify (0.10.1)
      ffi (~> 1.0)
    rexml (3.2.4)
    rmagick (4.2.2)
    rouge (3.26.0)
    ruby-filemagic (0.7.2)
    ruby-vips (2.0.17)
      ffi (~> 1.9)
    safe_yaml (1.0.5)
    sassc (2.4.0)
      ffi (~> 1.9)
    svg_optimizer (0.2.5)
      nokogiri
    terminal-table (2.0.0)
      unicode-display_width (~> 1.1, >= 1.1.1)
    ttfunk (1.7.0)
    unicode-display_width (1.7.0)

PLATFORMS
  ruby
  x86_64-linux

DEPENDENCIES
  distorted
  distorted-jekyll
  jekyll
  jekyll-responsive-image

BUNDLED WITH
   2.2.11
